PATH
  remote: .
  specs:
    gorgon (0.3.1.a)
      amqp (~> 0.9.7)
      awesome_print
      bunny (~> 0.8.0)
      colorize (~> 0.5.8)
      open4 (~> 1.3.0)
      ruby-progressbar (~> 1.0.1)
      uuidtools (~> 2.1.3)
      yajl-ruby (~> 1.1.0)

GEM
  remote: http://rubygems.org/
  specs:
    amq-client (0.9.4)
      amq-protocol (>= 0.9.4)
      eventmachine
    amq-protocol (0.9.5)
    amqp (0.9.7)
      amq-client (~> 0.9.4)
      amq-protocol (>= 0.9.4)
      eventmachine
    awesome_print (1.1.0)
    bunny (0.8.0)
    colorize (0.5.8)
    diff-lcs (1.1.3)
    eventmachine (1.0.0)
    open4 (1.3.0)
    rake (0.9.2.2)
    rspec (2.11.0)
      rspec-core (~> 2.11.0)
      rspec-expectations (~> 2.11.0)
      rspec-mocks (~> 2.11.0)
    rspec-core (2.11.1)
    rspec-expectations (2.11.3)
      diff-lcs (~> 1.1.3)
    rspec-mocks (2.11.3)
    ruby-progressbar (1.0.1)
    test-unit (2.5.2)
    uuidtools (2.1.3)
    yajl-ruby (1.1.0)

PLATFORMS
  ruby

DEPENDENCIES
  gorgon!
  rake
  rspec (~> 2.11.0)
  test-unit
