PATH
  remote: .
  specs:
    gorgon (0.10.3)
      amqp (~> 1.1.0)
      awesome_print
      colorize (~> 0.5.8)
      open4 (~> 1.3.0)
      ruby-progressbar (~> 1.7.5)
      uuidtools (= 2.1.3)
      yajl-ruby (= 1.1.0)

GEM
  remote: http://rubygems.org/
  specs:
    amq-protocol (2.0.1)
    amqp (1.1.8)
      amq-protocol (>= 1.9.2)
      eventmachine
    awesome_print (1.6.1)
    colorize (0.5.8)
    diff-lcs (1.1.3)
    eventmachine (1.2.0.1)
    open4 (1.3.4)
    rake (0.9.2.2)
    rspec (2.11.0)
      rspec-core (~> 2.11.0)
      rspec-expectations (~> 2.11.0)
      rspec-mocks (~> 2.11.0)
    rspec-core (2.11.1)
    rspec-expectations (2.11.3)
      diff-lcs (~> 1.1.3)
    rspec-mocks (2.11.3)
    ruby-progressbar (1.7.5)
    test-unit (2.5.2)
    uuidtools (2.1.3)
    yajl-ruby (1.1.0)

PLATFORMS
  ruby

DEPENDENCIES
  gorgon!
  rake
  rspec (~> 2.11.0)
  test-unit

BUNDLED WITH
   1.11.2
