GEM
  remote: http://rubygems.org/
  specs:
    amq-client (0.8.5)
      amq-protocol (>= 0.8.0)
      eventmachine
    amq-protocol (0.8.3)
    amqp (0.8.2)
      amq-client (~> 0.8.5)
      amq-protocol (~> 0.8.3)
      eventmachine
    awesome_print (0.4.0)
    diff-lcs (1.1.3)
    eventmachine (0.12.10)
    rspec (2.7.0)
      rspec-core (~> 2.7.0)
      rspec-expectations (~> 2.7.0)
      rspec-mocks (~> 2.7.0)
    rspec-core (2.7.1)
    rspec-expectations (2.7.0)
      diff-lcs (~> 1.1.2)
    rspec-mocks (2.7.0)
    yajl-ruby (1.0.0)

PLATFORMS
  ruby

DEPENDENCIES
  amqp
  awesome_print
  rspec
  yajl-ruby
