GEM
  remote: http://rubygems.org/
  specs:
    amqp (0.7.4)
      eventmachine
    eventmachine (0.12.10)

PLATFORMS
  ruby

DEPENDENCIES
  amqp
