PATH
  remote: ../..
  specs:
    gorgon (0.11.1)
      amq-protocol (~> 1.9.2)
      amqp (~> 1.1.0)
      awesome_print
      colorize (~> 0.5.8)
      eventmachine (~> 1.0.7)
      open4 (~> 1.3.0)
      ruby-progressbar (~> 1.7.5)
      uuidtools (= 2.1.3)
      yajl-ruby (= 1.3.1)

GEM
  remote: https://rubygems.org/
  specs:
    amq-protocol (1.9.2)
    amqp (1.1.8)
      amq-protocol (>= 1.9.2)
      eventmachine
    ansi (1.5.0)
    awesome_print (1.8.0)
    builder (3.2.3)
    byebug (9.0.3)
    coderay (1.1.1)
    colorize (0.5.8)
    diff-lcs (1.2.5)
    eventmachine (1.0.9.1)
    method_source (0.8.2)
    minitest (5.10.3)
    minitest-reporters (1.1.19)
      ansi
      builder
      minitest (>= 5.0)
      ruby-progressbar
    open4 (1.3.4)
    pry (0.10.3)
      coderay (~> 1.1.0)
      method_source (~> 0.8.1)
      slop (~> 3.4)
    pry-byebug (3.4.0)
      byebug (~> 9.0)
      pry (~> 0.10)
    rspec (3.4.0)
      rspec-core (~> 3.4.0)
      rspec-expectations (~> 3.4.0)
      rspec-mocks (~> 3.4.0)
    rspec-core (3.4.4)
      rspec-support (~> 3.4.0)
    rspec-expectations (3.4.0)
      diff-lcs (>= 1.2.0, < 2.0)
      rspec-support (~> 3.4.0)
    rspec-mocks (3.4.1)
      diff-lcs (>= 1.2.0, < 2.0)
      rspec-support (~> 3.4.0)
    rspec-support (3.4.1)
    ruby-progressbar (1.7.5)
    slop (3.6.0)
    test-unit (2.5.2)
    uuidtools (2.1.3)
    yajl-ruby (1.3.1)

PLATFORMS
  ruby

DEPENDENCIES
  gorgon!
  minitest (= 5.10.3)
  minitest-reporters
  pry-byebug
  rspec (>= 3.4.0, < 3.6.0)
  test-unit

BUNDLED WITH
   1.16.0
